PATH
  remote: ../microframe
  specs:
    microframe (0.1.2)
      bundler
      rack (~> 1.6, >= 1.6.4)
      sqlite3 (~> 1.3, >= 1.3.11)
      thor (~> 0.19.1)
      tilt (~> 2.0, >= 2.0.1)

GEM
  remote: https://rubygems.org/
  specs:
    rack (1.6.4)
    sqlite3 (1.3.11)
    thor (0.19.1)
    tilt (2.0.1)

PLATFORMS
  ruby

DEPENDENCIES
  microframe!

BUNDLED WITH
   1.10.6
